GEM
  specs:
    SyslogLogger (1.4.0)
      hoe (>= 1.2.0)
    abstract (1.0.0)
    amqp (0.6.7)
      eventmachine (>= 0.12.4)
    bunny (0.6.0)
    chef (0.8.16.7)
      bunny (>= 0.6.0)
      erubis
      extlib
      json (<= 1.4.2)
      mixlib-authentication (>= 1.1.0)
      mixlib-cli (>= 1.1.0)
      mixlib-config (>= 1.1.0)
      mixlib-log (>= 1.1.0)
      moneta
      ohai (>= 0.5.0)
    erubis (2.6.5)
      abstract (>= 1.0.0)
    eventmachine (0.12.10)
    extlib (0.9.14)
    flexmock (0.8.11)
    hoe (2.3.3)
      rake (>= 0.8.7)
      rubyforge (>= 1.0.4)
    json (1.1.7)
    mixlib-authentication (1.1.2)
      mixlib-log
    mixlib-cli (1.2.0)
    mixlib-config (1.1.0)
    mixlib-log (1.1.0)
    moneta (0.6.0)
    msgpack (0.4.4)
    ohai (0.5.4)
      extlib
      json (<= 1.4.2)
      mixlib-cli
      mixlib-config
      mixlib-log
      systemu
    process_watcher (0.4)
    rake (0.8.7)
    right_http_connection (1.3.0)
    right_popen (1.0.11)
      eventmachine (>= 0.12.10)
    right_scraper (1.0.23)
    rspec (1.3.1)
    ruby-openid (2.1.8)
    ruby-wmi (0.2.2)
      hoe (>= 1.4.0)
    rubyforge (1.0.4)
    stomp (1.1)
    systemu (1.2.0)
    win32-api (1.4.5)
    win32-dir (0.3.5)
      windows-pr (>= 0.9.3)
    win32-eventlog (0.5.2)
      windows-pr (>= 0.9.3)
    win32-pipe (0.2.1)
      windows-pr (>= 1.0.6)
    win32-process (0.6.1)
      windows-pr (>= 1.0.5)
    windows-api (0.4.0)
      win32-api (>= 1.4.5)
    windows-pr (1.0.8)
      win32-api (>= 1.4.5)
      windows-api (>= 0.3.0)

PLATFORMS
  ruby

DEPENDENCIES
  SyslogLogger (= 1.4.0)
  abstract (= 1.0.0)
  amqp (= 0.6.7)
  bunny (= 0.6.0)
  chef (= 0.8.16.7)
  erubis (= 2.6.5)
  eventmachine (= 0.12.10)
  extlib (= 0.9.14)
  flexmock (~> 0.8)
  hoe (= 2.3.3)
  json (= 1.1.7)
  mixlib-authentication (= 1.1.2)
  mixlib-cli (= 1.2.0)
  mixlib-config (= 1.1.0)
  mixlib-log (= 1.1.0)
  moneta (= 0.6.0)
  msgpack (= 0.4.4)
  ohai (= 0.5.4)
  process_watcher (= 0.4)
  rake (= 0.8.7)
  right_http_connection (= 1.3.0)
  right_popen (= 1.0.11)
  right_scraper (= 1.0.23)
  rspec (~> 1.3)
  ruby-openid (= 2.1.8)
  ruby-wmi (= 0.2.2)
  rubyforge (= 1.0.4)
  stomp (= 1.1)
  systemu (= 1.2.0)
  win32-api (= 1.4.5)
  win32-dir (= 0.3.5)
  win32-eventlog (= 0.5.2)
  win32-pipe (= 0.2.1)
  win32-process (= 0.6.1)
  windows-api (= 0.4.0)
  windows-pr (= 1.0.8)
