GIT
  remote: git@github.com:rightscale/right_support.git
  revision: e1d4277161f5113807679793f33389ae73667643
  specs:
    right_support (0.7.0)

GEM
  remote: http://rubygems.org/
  remote: http://gems.github.com/
  specs:
    amqp (0.6.7)
      eventmachine (>= 0.12.4)
    diff-lcs (1.1.2)
    eventmachine (0.12.10)
    flexmock (0.9.0)
    json (1.1.7)
    msgpack (0.4.4)
    right_popen (1.0.11)
      eventmachine (>= 0.12.10)
    rspec (2.5.0)
      rspec-core (~> 2.5.0)
      rspec-expectations (~> 2.5.0)
      rspec-mocks (~> 2.5.0)
    rspec-core (2.5.1)
    rspec-expectations (2.5.0)
      diff-lcs (~> 1.1.2)
    rspec-mocks (2.5.0)

PLATFORMS
  ruby

DEPENDENCIES
  amqp (= 0.6.7)
  eventmachine (= 0.12.10)
  flexmock (~> 0.9)
  json (= 1.1.7)
  msgpack (= 0.4.4)
  right_popen (= 1.0.11)
  right_support!
  rspec (~> 2.5)
